STORAGE: NONE
RESTRICTION: == net7.0
NUGET
  remote: https://api.nuget.org/v3/index.json
    Fable.Core (3.7.1)
    FSharp.Core (7.0.200)
